GEM
  remote: https://rubygems.org/
  specs:
    bond (0.4.3)
    htmlentities (4.3.1)
    mini_portile (0.5.1)
    mysqlplus (0.1.2)
    nokogiri (1.6.0)
      mini_portile (~> 0.5.0)
    ripl (0.7.0)
      bond (~> 0.4.2)
    ripl-commands (0.2.1)
      ripl (>= 0.2.9)
    ripl-multi_line (0.3.1)
      ripl (>= 0.3.6)
    ripl-rc (0.2.4)
      ripl (>= 0.4.1)
    sequel (4.3.0)
    trollop (2.0)

PLATFORMS
  ruby

DEPENDENCIES
  htmlentities
  mysqlplus
  nokogiri
  ripl
  ripl-commands
  ripl-multi_line
  ripl-rc
  sequel
  trollop
